GEM
  remote: https://rubygems.org/
  specs:
    aws-eventstream (1.2.0)
    aws-partitions (1.660.0)
    aws-sdk-core (3.167.0)
      aws-eventstream (~> 1, >= 1.0.2)
      aws-partitions (~> 1, >= 1.651.0)
      aws-sigv4 (~> 1.5)
      jmespath (~> 1, >= 1.6.1)
    aws-sdk-ses (1.48.0)
      aws-sdk-core (~> 3, >= 3.165.0)
      aws-sigv4 (~> 1.1)
    aws-sigv4 (1.5.2)
      aws-eventstream (~> 1, >= 1.0.2)
    jmespath (1.6.1)
    minitest (5.16.3)
    mustermann (3.0.0)
      ruby2_keywords (~> 0.0.1)
    nio4r (2.5.8)
    puma (6.0.0)
      nio4r (~> 2.0)
    rack (2.2.6.3)
    rack-protection (3.0.4)
      rack
    rack-test (2.0.2)
      rack (>= 1.3)
    rake (13.0.6)
    ruby2_keywords (0.0.5)
    sinatra (3.0.4)
      mustermann (~> 3.0)
      rack (~> 2.2, >= 2.2.4)
      rack-protection (= 3.0.4)
      tilt (~> 2.0)
    tilt (2.0.11)

PLATFORMS
  ruby

DEPENDENCIES
  aws-sdk-ses
  minitest
  puma
  rack-test
  rake
  sinatra

BUNDLED WITH
   2.1.4
